GEM
  remote: https://rubygems.org/
  specs:
    chunky_png (1.2.6)
    compass (0.12.2)
      chunky_png (~> 1.2)
      fssm (>= 0.2.7)
      sass (~> 3.1)
    compass-normalize (1.1.2)
      compass (>= 0.11.5)
    fssm (0.2.9)
    sass (3.2.1)
    susy (1.0)
      compass (>= 0.12.2)
      sass (>= 3.2.0)

PLATFORMS
  ruby

DEPENDENCIES
  compass-normalize (= 1.1.2)
  susy (= 1.0)
